GEM
  remote: https://rubygems.org/
  specs:
    dotenv (2.2.1)
    fb (0.8.0)

PLATFORMS
  ruby

DEPENDENCIES
  dotenv
  fb

BUNDLED WITH
   1.15.4
