GEM
  remote: https://rubygems.org/
  specs:
    dotenv (2.2.1)
    fb (0.8.0)

PLATFORMS
  ruby

DEPENDENCIES
  dotenv
  fb

RUBY VERSION
   ruby 2.4.3p205

BUNDLED WITH
   1.16.1
